GEM
  remote: https://rubygems.org/
  specs:
    addressable (2.3.8)
    bitly (0.10.4)
      httparty (>= 0.7.6)
      multi_json (~> 1.3)
      oauth2 (>= 0.5.0, < 2.0)
    buftok (0.2.0)
    daemons (1.2.2)
    diff-lcs (1.2.5)
    equalizer (0.0.11)
    eventmachine (1.0.7)
    faraday (0.9.1)
      multipart-post (>= 1.2, < 3)
    http (0.6.4)
      http_parser.rb (~> 0.6.0)
    http_parser.rb (0.6.0)
    httparty (0.13.3)
      json (~> 1.8)
      multi_xml (>= 0.5.2)
    json (1.8.2)
    jwt (1.4.1)
    memoizable (0.4.2)
      thread_safe (~> 0.3, >= 0.3.1)
    multi_json (1.11.0)
    multi_xml (0.5.5)
    multipart-post (2.0.0)
    naught (1.0.0)
    oauth2 (1.0.0)
      faraday (>= 0.8, < 0.10)
      jwt (~> 1.0)
      multi_json (~> 1.3)
      multi_xml (~> 0.5)
      rack (~> 1.2)
    rack (1.6.0)
    rack-protection (1.5.3)
      rack
    rack-test (0.6.3)
      rack (>= 1.0)
    rake (10.4.2)
    rspec (3.2.0)
      rspec-core (~> 3.2.0)
      rspec-expectations (~> 3.2.0)
      rspec-mocks (~> 3.2.0)
    rspec-core (3.2.3)
      rspec-support (~> 3.2.0)
    rspec-expectations (3.2.1)
      diff-lcs (>= 1.2.0, < 2.0)
      rspec-support (~> 3.2.0)
    rspec-mocks (3.2.1)
      diff-lcs (>= 1.2.0, < 2.0)
      rspec-support (~> 3.2.0)
    rspec-support (3.2.2)
    shotgun (0.9.1)
      rack (>= 1.0)
    simple_oauth (0.3.1)
    sinatra (1.4.6)
      rack (~> 1.4)
      rack-protection (~> 1.4)
      tilt (>= 1.3, < 3)
    thin (1.6.3)
      daemons (~> 1.0, >= 1.0.9)
      eventmachine (~> 1.0)
      rack (~> 1.0)
    thread_safe (0.3.5)
    tilt (2.0.1)
    times_wire (0.9.0)
    twitter (5.14.0)
      addressable (~> 2.3)
      buftok (~> 0.2.0)
      equalizer (~> 0.0.9)
      faraday (~> 0.9.0)
      http (~> 0.6.0)
      http_parser.rb (~> 0.6.0)
      json (~> 1.8)
      memoizable (~> 0.4.0)
      naught (~> 1.0)
      simple_oauth (~> 0.3.0)

PLATFORMS
  ruby

DEPENDENCIES
  bitly
  bundler (~> 1.1)
  rack-test
  rake
  rspec
  shotgun
  sinatra
  thin
  times_wire
  twitter
